PATH
  remote: .
  specs:
    creditario-client (1.1.2)
      multipart-post (= 2.0.0)
      oj (~> 3.16.0)

GEM
  remote: https://rubygems.org/
  specs:
    addressable (2.8.6)
      public_suffix (>= 2.0.2, < 6.0)
    ast (2.4.2)
    bigdecimal (3.1.8)
    crack (1.0.0)
      bigdecimal
      rexml
    hashdiff (1.1.0)
    jaro_winkler (1.5.6)
    minitest (5.22.3)
    multipart-post (2.0.0)
    oj (3.16.3)
      bigdecimal (>= 3.0)
    parallel (1.24.0)
    parser (3.3.1.0)
      ast (~> 2.4.1)
      racc
    powerpack (0.1.3)
    psych (5.1.2)
      stringio
    public_suffix (5.0.5)
    racc (1.7.3)
    rainbow (3.1.1)
    rake (10.5.0)
    rdoc (6.6.3.1)
      psych (>= 4.0.0)
    rexml (3.2.6)
    rubocop (0.57.2)
      jaro_winkler (~> 1.5.1)
      parallel (~> 1.10)
      parser (>= 2.5)
      powerpack (~> 0.1)
      rainbow (>= 2.2.2, < 4.0)
      ruby-progressbar (~> 1.7)
      unicode-display_width (~> 1.0, >= 1.0.1)
    ruby-progressbar (1.13.0)
    sdoc (1.1.0)
      rdoc (>= 5.0)
    stringio (3.1.0)
    unicode-display_width (1.8.0)
    webmock (3.4.2)
      addressable (>= 2.3.6)
      crack (>= 0.3.2)
      hashdiff

PLATFORMS
  arm64-darwin-23
  ruby

DEPENDENCIES
  bundler
  creditario-client!
  minitest (~> 5.0)
  rake (~> 10.0)
  rubocop (~> 0.57.2)
  sdoc (~> 1.0)
  webmock (~> 3.4.2)

BUNDLED WITH
   2.5.10
