PATH
  remote: .
  specs:
    creditario-client (1.0.0)
      multipart-post (= 2.0.0)
      oj (~> 3.0.0)

GEM
  remote: https://rubygems.org/
  specs:
    addressable (2.8.0)
      public_suffix (>= 2.0.2, < 5.0)
    ast (2.4.2)
    crack (0.4.5)
      rexml
    hashdiff (1.0.1)
    jaro_winkler (1.5.4)
    minitest (5.15.0)
    multipart-post (2.0.0)
    oj (3.0.11)
    parallel (1.21.0)
    parser (3.1.0.0)
      ast (~> 2.4.1)
    powerpack (0.1.3)
    psych (4.0.3)
      stringio
    public_suffix (4.0.6)
    rainbow (3.1.1)
    rake (10.5.0)
    rdoc (6.4.0)
      psych (>= 4.0.0)
    rexml (3.2.5)
    rubocop (0.57.2)
      jaro_winkler (~> 1.5.1)
      parallel (~> 1.10)
      parser (>= 2.5)
      powerpack (~> 0.1)
      rainbow (>= 2.2.2, < 4.0)
      ruby-progressbar (~> 1.7)
      unicode-display_width (~> 1.0, >= 1.0.1)
    ruby-progressbar (1.11.0)
    sdoc (1.1.0)
      rdoc (>= 5.0)
    stringio (3.0.1)
    unicode-display_width (1.8.0)
    webmock (3.4.2)
      addressable (>= 2.3.6)
      crack (>= 0.3.2)
      hashdiff

PLATFORMS
  ruby

DEPENDENCIES
  bundler (~> 2.1.4)
  creditario-client!
  minitest (~> 5.0)
  rake (~> 10.0)
  rubocop (~> 0.57.2)
  sdoc (~> 1.0)
  webmock (~> 3.4.2)

BUNDLED WITH
   2.2.16
